PATH
  remote: .
  specs:
    gosu-spritesheet (0.1.0)
      gosu (>= 0.14, < 2.0)

GEM
  remote: https://rubygems.org/
  specs:
    ansi (1.5.0)
    builder (3.2.4)
    byebug (10.0.2)
    gosu (1.4.1)
    minitest (5.15.0)
    minitest-reporters (1.5.0)
      ansi
      builder
      minitest (>= 5.0)
      ruby-progressbar
    rake (10.5.0)
    ruby-progressbar (1.11.0)

PLATFORMS
  x86_64-linux

DEPENDENCIES
  bundler (~> 2.3.7)
  byebug (~> 10.0)
  gosu-spritesheet!
  minitest (~> 5.0)
  minitest-reporters (~> 1.3)
  rake (~> 10.0)

BUNDLED WITH
   2.3.7
